GIT
  remote: git@github.com:voxmedia/chorus_api_client-ruby.git
  revision: e32bafcc609a8d2f68fcffcec4bb2f87e5882845
  specs:
    chorus_api_client (2.1.1)
      faraday_middleware (~> 0.10.1)
      omniauth-chorus (~> 2.0.0)

GIT
  remote: git@github.com:voxmedia/middleman-chorus.git
  revision: cfab54633cf02373fff78540474841916c41a814
  specs:
    middleman-chorus (0.4.5)
      chorus_api_client (>= 1.0.3)
      middleman-asset-http-prefix (< 1.0.0)
      middleman-core (< 4.0.0)

GIT
  remote: git@github.com:voxmedia/omniauth-chorus.git
  revision: 5991d83397d3ee0a746f98b5ec58a9932caa49a8
  tag: v2.0.1
  specs:
    omniauth-chorus (2.0.1)
      hashie (< 3.5)
      omniauth-oauth2 (~> 1.4)

GIT
  remote: https://github.com/ryanmark/foundation-sass.git
  revision: 1e2e2314022d99364ec2887770a01e2ae7147325
  specs:
    foundation-sass (5.5.3)

GIT
  remote: https://github.com/ryanmark/middleman-sprockets.git
  revision: c9e0f8647028f6f388fdca3bb2ca18215c542809
  branch: v3-shared-source
  specs:
    middleman-sprockets (3.4.3)
      middleman-core (>= 3.3)
      sprockets (~> 2.12.1)
      sprockets-helpers (~> 1.1.0)
      sprockets-sass (~> 1.3.0)

GIT
  remote: https://github.com/ryanmark/middleman.git
  revision: 6102f5bd053c357b8eef16accdda5fc679493c28
  branch: v3-shared-source
  specs:
    middleman (3.4.1)
      coffee-script (~> 2.2)
      compass (>= 1.0.0, < 2.0.0)
      compass-import-once (= 1.0.5)
      execjs (~> 2.0)
      haml (>= 4.0.5)
      kramdown (~> 1.2)
      middleman-core (= 3.4.1)
      middleman-sprockets (>= 3.1.2)
      sass (>= 3.4.0, < 4.0)
      uglifier (~> 2.5)
    middleman-core (3.4.1)
      activesupport (~> 4.1)
      bundler (~> 1.1)
      capybara (~> 2.4.4)
      erubis
      hooks (~> 0.3)
      i18n (~> 0.7.0)
      listen (~> 3.0.3)
      padrino-helpers (~> 0.12.3)
      rack (>= 1.4.5, < 2.0)
      thor (>= 0.15.2, < 2.0)
      tilt (~> 1.4.1, < 2.0)

GIT
  remote: https://github.com/ryanmark/s3deploy-ruby.git
  revision: b5c1e0afcbf901b56bfcfebd76c455f16bd9314d
  specs:
    s3deploy (0.2.5)
      aws-sdk (~> 2)
      mime-types

GEM
  remote: http://rubygems.org/
  specs:
    activesupport (4.2.8)
      i18n (~> 0.7)
      minitest (~> 5.1)
      thread_safe (~> 0.3, >= 0.3.4)
      tzinfo (~> 1.1)
    addressable (2.5.1)
      public_suffix (~> 2.0, >= 2.0.2)
    archieml (0.3.0)
    autoparse (0.3.3)
      addressable (>= 2.3.1)
      extlib (>= 0.9.15)
      multi_json (>= 1.0.0)
    aws-sdk (2.9.7)
      aws-sdk-resources (= 2.9.7)
    aws-sdk-core (2.9.7)
      aws-sigv4 (~> 1.0)
      jmespath (~> 1.0)
    aws-sdk-resources (2.9.7)
      aws-sdk-core (= 2.9.7)
    aws-sigv4 (1.0.0)
    capybara (2.4.4)
      mime-types (>= 1.16)
      nokogiri (>= 1.3.3)
      rack (>= 1.0.0)
      rack-test (>= 0.5.4)
      xpath (~> 2.0)
    chunky_png (1.3.8)
    coderay (1.1.1)
    coffee-script (2.4.1)
      coffee-script-source
      execjs
    coffee-script-source (1.12.2)
    compass (1.0.3)
      chunky_png (~> 1.2)
      compass-core (~> 1.0.2)
      compass-import-once (~> 1.0.5)
      rb-fsevent (>= 0.9.3)
      rb-inotify (>= 0.9)
      sass (>= 3.3.13, < 3.5)
    compass-core (1.0.3)
      multi_json (~> 1.0)
      sass (>= 3.3.0, < 3.5)
    compass-import-once (1.0.5)
      sass (>= 3.2, < 3.5)
    crass (1.0.2)
    ejs (1.1.1)
    em-websocket (0.5.1)
      eventmachine (>= 0.12.9)
      http_parser.rb (~> 0.6.0)
    erubis (2.7.0)
    eventmachine (1.2.3)
    execjs (2.7.0)
    extlib (0.9.16)
    faraday (0.11.0)
      multipart-post (>= 1.2, < 3)
    faraday_middleware (0.10.1)
      faraday (>= 0.7.4, < 1.0)
    ffi (1.9.18)
    google-api-client (0.7.1)
      addressable (>= 2.3.2)
      autoparse (>= 0.3.3)
      extlib (>= 0.9.15)
      faraday (>= 0.9.0)
      jwt (>= 0.1.5)
      launchy (>= 2.1.1)
      multi_json (>= 1.0.0)
      retriable (>= 1.4)
      signet (>= 0.5.0)
      uuidtools (>= 2.1.0)
    haml (4.0.7)
      tilt
    hashie (3.4.6)
    hike (1.2.3)
    hooks (0.4.1)
      uber (~> 0.0.14)
    http_parser.rb (0.6.0)
    httparty (0.13.7)
      json (~> 1.8)
      multi_xml (>= 0.5.2)
    i18n (0.7.0)
    jmespath (1.3.1)
    json (1.8.6)
    jwt (1.5.6)
    kinto_box (0.1.12)
      httparty (~> 0.13.7)
    koala (2.5.0)
      addressable
      faraday
    kramdown (1.13.2)
    launchy (2.4.3)
      addressable (~> 2.3)
    listen (3.0.8)
      rb-fsevent (~> 0.9, >= 0.9.4)
      rb-inotify (~> 0.9, >= 0.9.7)
    method_source (0.8.2)
    middleman-asset-http-prefix (0.0.2)
      middleman-core (>= 3.3.0)
    middleman-google_drive (0.3.13)
      archieml (~> 0.1)
      google-api-client (< 0.8)
      middleman-core (~> 3)
      mime-types (~> 2.4)
      retriable (~> 1.4)
      rubyXL (~> 3.3)
    middleman-livereload (3.4.6)
      em-websocket (~> 0.5.1)
      middleman-core (>= 3.3)
      rack-livereload (~> 0.3.15)
    mime-types (2.99.3)
    mini_portile2 (2.1.0)
    minitest (5.10.1)
    multi_json (1.12.1)
    multi_xml (0.6.0)
    multipart-post (2.0.0)
    nokogiri (1.7.1)
      mini_portile2 (~> 2.1.0)
    nokogumbo (1.4.10)
      nokogiri
    oauth2 (1.3.1)
      faraday (>= 0.8, < 0.12)
      jwt (~> 1.0)
      multi_json (~> 1.3)
      multi_xml (~> 0.5)
      rack (>= 1.2, < 3)
    octokit (4.7.0)
      sawyer (~> 0.8.0, >= 0.5.3)
    omniauth (1.6.1)
      hashie (>= 3.4.6, < 3.6.0)
      rack (>= 1.6.2, < 3)
    omniauth-oauth2 (1.4.0)
      oauth2 (~> 1.0)
      omniauth (~> 1.2)
    padrino-helpers (0.12.8.1)
      i18n (~> 0.6, >= 0.6.7)
      padrino-support (= 0.12.8.1)
      tilt (~> 1.4.1)
    padrino-support (0.12.8.1)
      activesupport (>= 3.1)
    pry (0.10.4)
      coderay (~> 1.1.0)
      method_source (~> 0.8.1)
      slop (~> 3.4)
    public_suffix (2.0.5)
    rack (1.6.5)
    rack-livereload (0.3.16)
      rack
    rack-test (0.6.3)
      rack (>= 1.0)
    rake (12.0.0)
    rb-fsevent (0.9.8)
    rb-inotify (0.9.8)
      ffi (>= 0.5.0)
    rdiscount (2.2.0.1)
    retriable (1.4.1)
    roo (2.7.1)
      nokogiri (~> 1)
      rubyzip (~> 1.1, < 2.0.0)
    ruby-oembed (0.12.0)
    ruby-thumbor (2.0.1)
    rubyXL (3.3.15)
      nokogiri (>= 1.4.4)
      rubyzip (>= 1.1.6)
    rubyzip (1.2.1)
    sanitize (4.4.0)
      crass (~> 1.0.2)
      nokogiri (>= 1.4.4)
      nokogumbo (~> 1.4.1)
    sass (3.4.23)
    sawyer (0.8.1)
      addressable (>= 2.3.5, < 2.6)
      faraday (~> 0.8, < 1.0)
    signet (0.7.3)
      addressable (~> 2.3)
      faraday (~> 0.9)
      jwt (~> 1.5)
      multi_json (~> 1.10)
    slop (3.6.0)
    sprockets (2.12.4)
      hike (~> 1.2)
      multi_json (~> 1.0)
      rack (~> 1.0)
      tilt (~> 1.1, != 1.3.0)
    sprockets-helpers (1.1.0)
      sprockets (~> 2.0)
    sprockets-sass (1.3.1)
      sprockets (~> 2.0)
      tilt (~> 1.1)
    thor (0.19.4)
    thread_safe (0.3.6)
    tilt (1.4.1)
    tzinfo (1.2.3)
      thread_safe (~> 0.1)
    uber (0.0.15)
    uglifier (2.7.2)
      execjs (>= 0.3.0)
      json (>= 1.8.0)
    uuidtools (2.1.5)
    xpath (2.0.0)
      nokogiri (~> 1.3)

PLATFORMS
  ruby

DEPENDENCIES
  archieml
  chorus_api_client!
  ejs
  foundation-sass!
  kinto_box (~> 0.1.9)
  koala (~> 2.2)
  middleman!
  middleman-chorus!
  middleman-core!
  middleman-google_drive
  middleman-livereload (< 4)
  middleman-sprockets!
  octokit
  omniauth-chorus!
  pry
  rake
  rdiscount
  roo (~> 2.4)
  ruby-oembed
  ruby-thumbor
  rubyXL (<= 3.3.15)
  s3deploy!
  sanitize
  tzinfo-data
  wdm (~> 0.1.0)

BUNDLED WITH
   1.14.6
